GEM
  remote: https://rubygems.org/
  specs:
    coderay (1.1.2)
    method_source (0.9.1)
    pry (0.12.0)
      coderay (~> 1.1.0)
      method_source (~> 0.9.0)
    sqlite3 (1.3.13)

PLATFORMS
  ruby

DEPENDENCIES
  pry
  sqlite3

BUNDLED WITH
<<<<<<< HEAD
<<<<<<< HEAD
   1.17.1
=======
   1.16.6
>>>>>>> 287504f428febe240b5763056a2374a6aa39579d
=======
   1.16.6
>>>>>>> 657b46a13bcd78258e4cb39bb10f1c0b89598ee7
